GIT
  remote: git://github.com/puma/puma.git
  revision: 2e2440024623e91bc4f3eb9052b27164627a60f3
  specs:
    puma (2.0.0.b6)
      rack (>= 1.1, < 2.0)

GEM
  remote: http://rubygems.org/
  specs:
    addressable (2.3.3)
    celluloid (0.12.4)
      facter (>= 1.6.12)
      timers (>= 1.0.0)
    coderay (1.0.9)
    coffee-script (2.2.0)
      coffee-script-source
      execjs
    coffee-script-source (1.6.1)
    connection_pool (1.0.0)
    crack (0.3.2)
    diff-lcs (1.2.1)
    eco (1.0.0)
      coffee-script
      eco-source
      execjs
    eco-source (1.1.0.rc.1)
    execjs (1.4.0)
      multi_json (~> 1.0)
    facter (1.6.17)
    faraday (0.8.6)
      multipart-post (~> 1.1)
    faraday_middleware (0.9.0)
      faraday (>= 0.7.4, < 0.9)
    foreman (0.62.0)
      thor (>= 0.13.6)
    hike (1.2.1)
    json (1.7.7)
    method_source (0.8.1)
    multi_json (1.6.1)
    multipart-post (1.2.0)
    pry (0.9.12)
      coderay (~> 1.0.5)
      method_source (~> 0.8)
      slop (~> 3.4)
    pry-doc (0.4.4)
      pry (>= 0.9.9.6)
      yard (~> 0.8.1)
    rack (1.5.2)
    rack-protection (1.4.0)
      rack
    rack-test (0.6.2)
      rack (>= 1.0)
    rake (10.0.3)
    redis (3.0.3)
    redis-namespace (1.2.1)
      redis (~> 3.0.0)
    rr (1.0.4)
    rspec (2.13.0)
      rspec-core (~> 2.13.0)
      rspec-expectations (~> 2.13.0)
      rspec-mocks (~> 2.13.0)
    rspec-core (2.13.0)
    rspec-expectations (2.13.0)
      diff-lcs (>= 1.1.3, < 2.0)
    rspec-mocks (2.13.0)
    sass (3.2.7)
    sidekiq (2.8.0)
      celluloid (~> 0.12.0)
      connection_pool (~> 1.0)
      multi_json (~> 1)
      redis (~> 3)
      redis-namespace
    sinatra (1.3.5)
      rack (~> 1.4)
      rack-protection (~> 1.3)
      tilt (~> 1.3, >= 1.3.3)
    slim (1.3.6)
      temple (~> 0.5.5)
      tilt (~> 1.3.3)
    slop (3.4.3)
    sprockets (2.9.0)
      hike (~> 1.2)
      multi_json (~> 1.0)
      rack (~> 1.0)
      tilt (~> 1.1, != 1.3.0)
    temple (0.5.5)
    thor (0.17.0)
    tilt (1.3.5)
    timecop (0.6.0)
    timers (1.1.0)
    webmock (1.11.0)
      addressable (>= 2.2.7)
      crack (>= 0.3.2)
    yard (0.8.5.2)

PLATFORMS
  ruby

DEPENDENCIES
  coffee-script
  eco
  execjs
  faraday
  faraday_middleware
  foreman
  json
  pry
  pry-doc
  puma!
  rack-test
  rake
  redis-namespace
  rr
  rspec
  sass
  sidekiq
  sinatra
  slim
  sprockets
  timecop
  webmock
